GEM
  specs:
    cmdparse (2.0.5)
    coffee-script (2.2.0)
      coffee-script-source
      execjs
    coffee-script-source (1.4.0)
    execjs (1.4.0)
      multi_json (~> 1.0)
    juicer (1.0.18)
      cmdparse
      nokogiri (>= 1.5.0)
      rubyzip
    multi_json (1.3.7)
    nokogiri (1.5.5-x86-mingw32)
    rubyzip (0.9.9)

PLATFORMS
  x86-mingw32

DEPENDENCIES
  coffee-script
  juicer
